PATH
  remote: .
  specs:
    rafka (0.0.10)
      redis (~> 3.0)

GEM
  remote: https://rubygems.org/
  specs:
    ast (2.3.0)
    byebug (9.1.0)
    coderay (1.1.2)
    method_source (0.9.0)
    minitest (5.11.3)
    parser (2.4.0.0)
      ast (~> 2.2)
    powerpack (0.1.1)
    pry (0.11.3)
      coderay (~> 1.1.0)
      method_source (~> 0.9.0)
    pry-byebug (3.5.0)
      byebug (~> 9.1)
      pry (~> 0.10)
    rainbow (2.2.2)
      rake
    rake (12.1.0)
    redis (3.3.5)
    rubocop (0.46.0)
      parser (>= 2.3.1.1, < 3.0)
      powerpack (~> 0.1)
      rainbow (>= 1.99.1, < 3.0)
      ruby-progressbar (~> 1.7)
      unicode-display_width (~> 1.0, >= 1.0.1)
    ruby-progressbar (1.8.1)
    unicode-display_width (1.2.1)
    yard (0.9.12)

PLATFORMS
  ruby

DEPENDENCIES
  minitest
  pry-byebug
  rafka!
  rubocop
  yard

BUNDLED WITH
   1.13.6
