PATH
  remote: .
  specs:
    rafka (0.0.10)
      redis (~> 3.0)

GEM
  remote: https://rubygems.org/
  specs:
    byebug (9.1.0)
    coderay (1.1.2)
    method_source (0.9.0)
    minitest (5.11.3)
    pry (0.11.3)
      coderay (~> 1.1.0)
      method_source (~> 0.9.0)
    pry-byebug (3.5.0)
      byebug (~> 9.1)
      pry (~> 0.10)
    redis (3.3.5)

PLATFORMS
  ruby

DEPENDENCIES
  minitest
  pry-byebug
  rafka!

BUNDLED WITH
   1.13.6
